GEM
  remote: https://rubygems.org/
  specs:

PLATFORMS
  universal-darwin-20
  universal-darwin-21
  x86_64-linux

DEPENDENCIES

BUNDLED WITH
   2.3.21
